GIT
  remote: git://github.com/intridea/omniauth-contrib.git
  revision: 4ef42c9d6ed9040b410256aad440434ce91bfcf7
  specs:
    omniauth-contrib (1.0.0.pr2)
      multi_json
      omniauth (~> 1.0.0.pr2)
      omniauth-oauth (~> 1.0.0.pr2)

GIT
  remote: git://github.com/intridea/omniauth-oauth.git
  revision: a4058e8f492e4e83d05443f81bdf1eeef430bdce
  specs:
    omniauth-oauth (1.0.0.pr2)
      oauth
      omniauth (~> 1.0.0.pr2)

GIT
  remote: git://github.com/intridea/omniauth-oauth2.git
  revision: 841767f2dc729ff1e5b755e331b37d1355a05f62
  specs:
    omniauth-oauth2 (1.0.0.pr2)
      oauth2 (~> 0.5.0)
      omniauth (~> 1.0.0.pr2)

GIT
  remote: git://github.com/intridea/omniauth.git
  revision: bbc8558a3894cc543765700282dc2f4a7818db18
  specs:
    omniauth (1.0.0.pr2)
      hashie
      rack

GEM
  remote: http://rubygems.org/
  specs:
    addressable (2.2.6)
    faraday (0.7.5)
      addressable (~> 2.2.6)
      multipart-post (~> 1.1.3)
      rack (>= 1.1.0, < 2)
    hashie (1.1.0)
    multi_json (1.0.3)
    multipart-post (1.1.3)
    oauth (0.4.5)
    oauth2 (0.5.1)
      faraday (~> 0.7.4)
      multi_json (~> 1.0.3)
    rack (1.3.4)
    rack-protection (1.1.4)
      rack
    sinatra (1.3.1)
      rack (~> 1.3, >= 1.3.4)
      rack-protection (~> 1.1, >= 1.1.2)
      tilt (~> 1.3, >= 1.3.3)
    tilt (1.3.3)

PLATFORMS
  ruby

DEPENDENCIES
  omniauth!
  omniauth-contrib!
  omniauth-oauth!
  omniauth-oauth2!
  sinatra
