GIT
  remote: git://github.com/intridea/omniauth-contrib.git
  revision: 4ef42c9d6ed9040b410256aad440434ce91bfcf7
  specs:
    omniauth-contrib (1.0.0.pr2)
      multi_json
      omniauth (~> 1.0.0.pr2)
      omniauth-oauth (~> 1.0.0.pr2)

GIT
  remote: git://github.com/intridea/omniauth-oauth.git
  revision: a4058e8f492e4e83d05443f81bdf1eeef430bdce
  specs:
    omniauth-oauth (1.0.0.pr2)
      oauth
      omniauth (~> 1.0.0.pr2)

GIT
  remote: git://github.com/intridea/omniauth-oauth2.git
  revision: 841767f2dc729ff1e5b755e331b37d1355a05f62
  specs:
    omniauth-oauth2 (1.0.0.pr2)
      oauth2 (~> 0.5.0)
      omniauth (~> 1.0.0.pr2)

GIT
  remote: git://github.com/intridea/omniauth.git
  revision: bbc8558a3894cc543765700282dc2f4a7818db18
  specs:
    omniauth (1.0.0.pr2)
      hashie
      rack

GEM
  remote: http://rubygems.org/
  specs:
    addressable (2.2.6)
    capybara (1.1.1)
      mime-types (>= 1.16)
      nokogiri (>= 1.3.3)
      rack (>= 1.0.0)
      rack-test (>= 0.5.4)
      selenium-webdriver (~> 2.0)
      xpath (~> 0.1.4)
    childprocess (0.2.2)
      ffi (~> 1.0.6)
    coffee-script (2.2.0)
      coffee-script-source
      execjs
    coffee-script-source (1.1.2)
    evergreen (0.4.1)
      capybara (~> 1.0)
      coffee-script
      json_pure
      launchy
      sinatra (~> 1.1)
    execjs (1.2.9)
      multi_json (~> 1.0)
    faraday (0.7.5)
      addressable (~> 2.2.6)
      multipart-post (~> 1.1.3)
      rack (>= 1.1.0, < 2)
    ffi (1.0.9)
    hashie (1.1.0)
    json_pure (1.6.1)
    launchy (2.0.5)
      addressable (~> 2.2.6)
    mime-types (1.17.1)
    multi_json (1.0.3)
    multipart-post (1.1.3)
    nokogiri (1.5.0)
    oauth (0.4.5)
    oauth2 (0.5.1)
      faraday (~> 0.7.4)
      multi_json (~> 1.0.3)
    rack (1.3.4)
    rack-protection (1.1.4)
      rack
    rack-test (0.6.1)
      rack (>= 1.0)
    rubyzip (0.9.4)
    selenium-webdriver (2.9.1)
      childprocess (>= 0.2.1)
      ffi (= 1.0.9)
      json_pure
      rubyzip
    sinatra (1.3.1)
      rack (~> 1.3, >= 1.3.4)
      rack-protection (~> 1.1, >= 1.1.2)
      tilt (~> 1.3, >= 1.3.3)
    tilt (1.3.3)
    xpath (0.1.4)
      nokogiri (~> 1.3)

PLATFORMS
  ruby

DEPENDENCIES
  evergreen
  omniauth!
  omniauth-contrib!
  omniauth-oauth!
  omniauth-oauth2!
  sinatra
